PATH
  remote: .
  specs:
    ruby-bitpay-client (0.1.0)

GEM
  remote: https://rubygems.org/
  specs:
    ast (2.4.2)
    coderay (1.1.3)
    diff-lcs (1.5.0)
    dotenv (2.7.6)
    ecdsa (1.2.0)
    method_source (1.0.0)
    parallel (1.21.0)
    parser (3.1.0.0)
      ast (~> 2.4.1)
    pry (0.14.1)
      coderay (~> 1.1)
      method_source (~> 1.0)
    rainbow (3.1.1)
    rake (13.0.6)
    regexp_parser (2.2.0)
    rexml (3.2.5)
    rspec (3.10.0)
      rspec-core (~> 3.10.0)
      rspec-expectations (~> 3.10.0)
      rspec-mocks (~> 3.10.0)
    rspec-core (3.10.2)
      rspec-support (~> 3.10.0)
    rspec-expectations (3.10.2)
      diff-lcs (>= 1.2.0, < 2.0)
      rspec-support (~> 3.10.0)
    rspec-mocks (3.10.3)
      diff-lcs (>= 1.2.0, < 2.0)
      rspec-support (~> 3.10.0)
    rspec-support (3.10.3)
    rubocop (0.93.1)
      parallel (~> 1.10)
      parser (>= 2.7.1.5)
      rainbow (>= 2.2.2, < 4.0)
      regexp_parser (>= 1.8)
      rexml
      rubocop-ast (>= 0.6.0)
      ruby-progressbar (~> 1.7)
      unicode-display_width (>= 1.4.0, < 2.0)
    rubocop-ast (1.15.1)
      parser (>= 3.0.1.1)
    ruby-progressbar (1.11.0)
    unicode-display_width (1.8.0)

PLATFORMS
  x86_64-linux

DEPENDENCIES
  dotenv (~> 2.7, >= 2.7.6)
  ecdsa (~> 1.2.0)
  pry
  rake (~> 13.0)
  rspec (~> 3.0)
  rubocop (~> 0.80)
  ruby-bitpay-client!

BUNDLED WITH
   2.2.3
